GEM
  remote: https://rubygems.org/
  specs:
    graphql (1.8.10)

PLATFORMS
  ruby

DEPENDENCIES
  graphql

BUNDLED WITH
   1.16.1
